GEM
  remote: http://rubygems.org/
  specs:
    activemodel (3.2.9)
      activesupport (= 3.2.9)
      builder (~> 3.0.0)
    activesupport (3.2.9)
      i18n (~> 0.6)
      multi_json (~> 1.0)
    addressable (2.3.2)
    builder (3.0.4)
    daemons (1.1.9)
    diff-lcs (1.1.3)
    eventmachine (0.12.10)
    i18n (0.6.1)
    json (1.7.5)
    mime-types (1.19)
    multi_json (1.5.0)
    oauth (0.4.7)
    rack (1.4.1)
    rack-test (0.6.2)
      rack (>= 1.0)
    rest-client (1.6.7)
      mime-types (>= 1.16)
    rspec (2.12.0)
      rspec-core (~> 2.12.0)
      rspec-expectations (~> 2.12.0)
      rspec-mocks (~> 2.12.0)
    rspec-core (2.12.2)
    rspec-expectations (2.12.1)
      diff-lcs (~> 1.1.3)
    rspec-mocks (2.12.0)
    ruby-trello (0.4.4.1)
      activemodel
      addressable (~> 2.3)
      json
      oauth (~> 0.4.5)
      rest-client (~> 1.6.7)
    sinatra (1.1.0)
      rack (~> 1.1)
      tilt (~> 1.1)
    thin (1.4.1)
      daemons (>= 1.0.9)
      eventmachine (>= 0.12.6)
      rack (>= 1.0.0)
    tilt (1.3.3)
    watchr (0.7)

PLATFORMS
  ruby

DEPENDENCIES
  json
  rack-test
  rspec
  ruby-trello
  sinatra (= 1.1.0)
  thin
  watchr
